FRAMEWORK: >= NET452
NUGET
  remote: https://www.nuget.org/api/v2
    Costura.Fody (1.3.3) - content: once
      Fody (>= 1.26.1)
    Fody (1.29.4) - content: once
